GIT
  remote: https://github.com/SettRaziel/ruby_utils
  revision: 6ba4d9a76f338b6ae1f6fb0472d56f193d50bab2
  specs:
    ruby_utils (0.2.1)

PATH
  remote: .
  specs:
    dwd_observations (0.1.0)

GEM
  remote: https://rubygems.org/
  specs:
    diff-lcs (1.4.4)
    docile (1.4.0)
    rake (13.0.6)
    rspec (3.10.0)
      rspec-core (~> 3.10.0)
      rspec-expectations (~> 3.10.0)
      rspec-mocks (~> 3.10.0)
    rspec-core (3.10.1)
      rspec-support (~> 3.10.0)
    rspec-expectations (3.10.1)
      diff-lcs (>= 1.2.0, < 2.0)
      rspec-support (~> 3.10.0)
    rspec-mocks (3.10.2)
      diff-lcs (>= 1.2.0, < 2.0)
      rspec-support (~> 3.10.0)
    rspec-support (3.10.2)
    simplecov (0.21.2)
      docile (~> 1.1)
      simplecov-html (~> 0.11)
      simplecov_json_formatter (~> 0.1)
    simplecov-html (0.12.3)
    simplecov_json_formatter (0.1.3)

PLATFORMS
  ruby

DEPENDENCIES
  dwd_observations!
  rake (~> 13.0, >= 13.0.1)
  rspec (~> 3.9, >= 3.9.0)
  ruby_utils!
  simplecov

BUNDLED WITH
   2.1.4
